GEM
  remote: https://rubygems.org/
  specs:
    byebug (10.0.0)
    concurrent-ruby (1.0.5)
    diff-lcs (1.3)
    faker (1.8.7)
      i18n (>= 0.7)
    i18n (0.9.3)
      concurrent-ruby (~> 1.0)
    json (2.1.0)
    mustermann (1.0.1)
    rack (2.0.4)
    rack-protection (2.0.0)
      rack
    rack-test (0.8.2)
      rack (>= 1.0, < 3)
    rspec (3.7.0)
      rspec-core (~> 3.7.0)
      rspec-expectations (~> 3.7.0)
      rspec-mocks (~> 3.7.0)
    rspec-core (3.7.1)
      rspec-support (~> 3.7.0)
    rspec-expectations (3.7.0)
      diff-lcs (>= 1.2.0, < 2.0)
      rspec-support (~> 3.7.0)
    rspec-mocks (3.7.0)
      diff-lcs (>= 1.2.0, < 2.0)
      rspec-support (~> 3.7.0)
    rspec-support (3.7.1)
    sinatra (2.0.0)
      mustermann (~> 1.0)
      rack (~> 2.0)
      rack-protection (= 2.0.0)
      tilt (~> 2.0)
    tilt (2.0.8)

PLATFORMS
  ruby

DEPENDENCIES
  byebug
  faker
  json
  rack-test
  rspec
  sinatra

BUNDLED WITH
   1.16.1
